GEM
  remote: https://rubygems.org/
  specs:
    base64 (0.2.0)
    jwt (2.10.1)
      base64
    logger (1.6.4)
    mustermann (3.0.3)
      ruby2_keywords (~> 0.0.1)
    nio4r (2.7.4)
    puma (6.5.0)
      nio4r (~> 2.0)
    rack (3.1.8)
    rack-protection (4.1.1)
      base64 (>= 0.1.0)
      logger (>= 1.6.0)
      rack (>= 3.0.0, < 4)
    rack-session (2.0.0)
      rack (>= 3.0.0)
    rackup (2.2.1)
      rack (>= 3)
    ruby2_keywords (0.0.5)
    sinatra (4.1.1)
      logger (>= 1.6.0)
      mustermann (~> 3.0)
      rack (>= 3.0.0, < 4)
      rack-protection (= 4.1.1)
      rack-session (>= 2.0.0, < 3)
      tilt (~> 2.0)
    sinatra-cross_origin (0.3.2)
    tilt (2.5.0)

PLATFORMS
  ruby
  x86_64-linux

DEPENDENCIES
  jwt
  puma
  rackup
  sinatra
  sinatra-cross_origin (~> 0.3.1)

BUNDLED WITH
   2.6.2
